PATH
  remote: .
  specs:
    ckan_cli (1.0.2)
      colorize (~> 1.1.0)
      csvlint (~> 1.3)
      mail (~> 2.7.1)
      pastel (~> 0.8)
      rest-client (~> 2.0.2)
      thor (~> 0.20.0)
      tty-color (~> 0.4)
      tty-logger (~> 0.6.0)
      tty-platform (~> 0.2.0)
      tty-progressbar (~> 0.16.0)
      tty-spinner (~> 0.9.0)
      tty-which (~> 0.4)

GEM
  remote: https://rubygems.org/
  specs:
    activesupport (7.0.8)
      concurrent-ruby (~> 1.0, >= 1.0.2)
      i18n (>= 1.6, < 2)
      minitest (>= 5.1)
      tzinfo (~> 2.0)
    addressable (2.8.6)
      public_suffix (>= 2.0.2, < 6.0)
    colorize (1.1.0)
    concurrent-ruby (1.2.3)
    connection_pool (2.4.1)
    csv (3.2.8)
    csvlint (1.3.0)
      activesupport (< 7.1.0)
      addressable
      csv
      escape_utils
      net-http-persistent
      open_uri_redirections
      rack
      rainbow
      thor
      typhoeus
      uri_template
    diff-lcs (1.5.0)
    domain_name (0.6.20240107)
    escape_utils (1.3.0)
    ethon (0.16.0)
      ffi (>= 1.15.0)
    ffi (1.16.3-x64-mingw-ucrt)
    http-cookie (1.0.5)
      domain_name (~> 0.5)
    i18n (1.14.1)
      concurrent-ruby (~> 1.0)
    mail (2.7.1)
      mini_mime (>= 0.1.1)
    mime-types (3.5.2)
      mime-types-data (~> 3.2015)
    mime-types-data (3.2023.1205)
    mini_mime (1.1.5)
    minitest (5.21.2)
    net-http-persistent (4.0.2)
      connection_pool (~> 2.2)
    netrc (0.11.0)
    open_uri_redirections (0.2.1)
    pastel (0.8.0)
      tty-color (~> 0.5)
    public_suffix (5.0.4)
    rack (3.0.8)
    rainbow (3.1.1)
    rake (10.5.0)
    rest-client (2.0.2)
      http-cookie (>= 1.0.2, < 2.0)
      mime-types (>= 1.16, < 4.0)
      netrc (~> 0.8)
    rspec (3.12.0)
      rspec-core (~> 3.12.0)
      rspec-expectations (~> 3.12.0)
      rspec-mocks (~> 3.12.0)
    rspec-core (3.12.2)
      rspec-support (~> 3.12.0)
    rspec-expectations (3.12.3)
      diff-lcs (>= 1.2.0, < 2.0)
      rspec-support (~> 3.12.0)
    rspec-mocks (3.12.6)
      diff-lcs (>= 1.2.0, < 2.0)
      rspec-support (~> 3.12.0)
    rspec-support (3.12.1)
    strings-ansi (0.1.0)
    thor (0.20.3)
    tty-color (0.6.0)
    tty-cursor (0.6.1)
    tty-logger (0.6.0)
      pastel (~> 0.8)
    tty-platform (0.2.1)
    tty-progressbar (0.16.0)
      strings-ansi (~> 0.1.0)
      tty-cursor (~> 0.6.0)
      tty-screen (~> 0.6.4)
      unicode-display_width (~> 1.3)
    tty-screen (0.6.5)
    tty-spinner (0.9.0)
      tty-cursor (~> 0.6.0)
    tty-which (0.5.0)
    typhoeus (1.4.1)
      ethon (>= 0.9.0)
    tzinfo (2.0.6)
      concurrent-ruby (~> 1.0)
    unicode-display_width (1.8.0)
    uri_template (0.7.0)

PLATFORMS
  x64-mingw-ucrt

DEPENDENCIES
  bundler (~> 2.5)
  ckan_cli!
  csvlint
  rake (~> 10.0)
  rspec (~> 3.0)

BUNDLED WITH
   2.5.5
