PATH
  remote: .
  specs:
    ckan_cli (1.0.0)
      csvlint (~> 0.4.0)
      mail (~> 2.7.1)
      pastel (~> 0.7.2)
      rest-client (~> 2.0.2)
      thor (~> 0.20.0)
      tty-color (~> 0.4)
      tty-logger (~> 0.1.0)
      tty-platform (~> 0.2.0)
      tty-progressbar (~> 0.16.0)
      tty-spinner (~> 0.9.0)
      tty-which (~> 0.4)

GEM
  remote: https://rubygems.org/
  specs:
    activesupport (5.2.3)
      concurrent-ruby (~> 1.0, >= 1.0.2)
      i18n (>= 0.7, < 2)
      minitest (~> 5.1)
      tzinfo (~> 1.1)
    addressable (2.6.0)
      public_suffix (>= 2.0.2, < 4.0)
    colorize (0.8.1)
    concurrent-ruby (1.1.5)
    csvlint (0.4.0)
      activesupport
      addressable
      colorize
      escape_utils
      mime-types
      net-http-persistent (< 3.0)
      open_uri_redirections
      rack
      thor
      typhoeus
      uri_template
    diff-lcs (1.3)
    domain_name (0.5.20190701)
      unf (>= 0.0.5, < 1.0.0)
    equatable (0.6.1)
    escape_utils (1.2.1)
    ethon (0.12.0)
      ffi (>= 1.3.0)
    ffi (1.11.1)
    ffi (1.11.1-x64-mingw32)
    http-cookie (1.0.3)
      domain_name (~> 0.5)
    i18n (1.6.0)
      concurrent-ruby (~> 1.0)
    mail (2.7.1)
      mini_mime (>= 0.1.1)
    mime-types (3.2.2)
      mime-types-data (~> 3.2015)
    mime-types-data (3.2019.0331)
    mini_mime (1.0.2)
    minitest (5.11.3)
    net-http-persistent (2.9.4)
    netrc (0.11.0)
    open_uri_redirections (0.2.1)
    pastel (0.7.3)
      equatable (~> 0.6)
      tty-color (~> 0.5)
    public_suffix (3.1.1)
    rack (2.0.7)
    rake (12.3.3)
    rest-client (2.0.2)
      http-cookie (>= 1.0.2, < 2.0)
      mime-types (>= 1.16, < 4.0)
      netrc (~> 0.8)
    rest-client (2.0.2-x64-mingw32)
      ffi (~> 1.9)
      http-cookie (>= 1.0.2, < 2.0)
      mime-types (>= 1.16, < 4.0)
      netrc (~> 0.8)
    rspec (3.8.0)
      rspec-core (~> 3.8.0)
      rspec-expectations (~> 3.8.0)
      rspec-mocks (~> 3.8.0)
    rspec-core (3.8.2)
      rspec-support (~> 3.8.0)
    rspec-expectations (3.8.4)
      diff-lcs (>= 1.2.0, < 2.0)
      rspec-support (~> 3.8.0)
    rspec-mocks (3.8.1)
      diff-lcs (>= 1.2.0, < 2.0)
      rspec-support (~> 3.8.0)
    rspec-support (3.8.2)
    strings-ansi (0.1.0)
    thor (0.20.3)
    thread_safe (0.3.6)
    tty-color (0.5.1)
    tty-cursor (0.6.1)
    tty-logger (0.1.0)
      pastel (~> 0.7.0)
    tty-platform (0.2.1)
    tty-progressbar (0.16.0)
      strings-ansi (~> 0.1.0)
      tty-cursor (~> 0.6.0)
      tty-screen (~> 0.6.4)
      unicode-display_width (~> 1.3)
    tty-screen (0.6.5)
    tty-spinner (0.9.0)
      tty-cursor (~> 0.6.0)
    tty-which (0.4.2)
    typhoeus (1.3.1)
      ethon (>= 0.9.0)
    tzinfo (1.2.5)
      thread_safe (~> 0.1)
    unf (0.1.4)
      unf_ext
    unf_ext (0.0.7.6)
    unicode-display_width (1.6.1)
    uri_template (0.7.0)

PLATFORMS
  ruby
  x64-mingw32

DEPENDENCIES
  bundler (~> 1.17)
  ckan_cli!
  csvlint
  rake (~> 12.3)
  rspec (~> 3.0)

BUNDLED WITH
   1.17.2
